GEM
  remote: https://rubygems.org/
  specs:
    bigdecimal (3.1.5)
    debug (1.9.1)
      irb (~> 1.10)
      reline (>= 0.3.8)
    io-console (0.7.1)
    irb (1.11.0)
      rdoc
      reline (>= 0.3.8)
    minitest (5.20.0)
    nio4r (2.7.0)
    pastel (0.8.0)
      tty-color (~> 0.5)
    psych (5.1.2)
      stringio
    puma (6.4.0)
      nio4r (~> 2.0)
    rack (3.0.8)
    rack-test (2.1.0)
      rack (>= 1.3)
    rackup (2.1.0)
      rack (>= 3)
      webrick (~> 1.8)
    rake (13.1.0)
    rdoc (6.6.2)
      psych (>= 4.0.0)
    reline (0.4.1)
      io-console (~> 0.5)
    roda (3.75.0)
      rack
    sequel (5.75.0)
      bigdecimal
    sqlite3 (1.7.0-x86_64-darwin)
    sqlite3 (1.7.0-x86_64-linux)
    stringio (3.1.0)
    strings (0.2.1)
      strings-ansi (~> 0.2)
      unicode-display_width (>= 1.5, < 3.0)
      unicode_utils (~> 1.4)
    strings-ansi (0.2.0)
    tty-color (0.6.0)
    tty-cursor (0.7.1)
    tty-prompt (0.23.1)
      pastel (~> 0.8)
      tty-reader (~> 0.8)
    tty-reader (0.9.0)
      tty-cursor (~> 0.7)
      tty-screen (~> 0.8)
      wisper (~> 2.0)
    tty-screen (0.8.2)
    tty-table (0.12.0)
      pastel (~> 0.8)
      strings (~> 0.2.0)
      tty-screen (~> 0.8)
    unicode-display_width (2.5.0)
    unicode_utils (1.4.0)
    webrick (1.8.1)
    wisper (2.0.1)

PLATFORMS
  x86_64-darwin-21
  x86_64-linux

DEPENDENCIES
  debug (~> 1.9)
  minitest (~> 5.20)
  puma (~> 6.4)
  rack-test (~> 2.1)
  rackup (~> 2.1)
  rake (~> 13.1)
  roda (~> 3.75)
  sequel (~> 5.75)
  sqlite3 (~> 1.7)
  tty-prompt (~> 0.23.1)
  tty-table (~> 0.12.0)

BUNDLED WITH
   2.4.22
