GEM
  remote: https://rubygems.org/
  specs:
    debug (1.9.1)
      irb (~> 1.10)
      reline (>= 0.3.8)
    io-console (0.7.1)
    irb (1.11.0)
      rdoc
      reline (>= 0.3.8)
    minitest (5.20.0)
    nio4r (2.7.0)
    psych (5.1.2)
      stringio
    puma (6.4.0)
      nio4r (~> 2.0)
    rack (3.0.8)
    rack-test (2.1.0)
      rack (>= 1.3)
    rackup (2.1.0)
      rack (>= 3)
      webrick (~> 1.8)
    rake (13.1.0)
    rdoc (6.6.2)
      psych (>= 4.0.0)
    reline (0.4.1)
      io-console (~> 0.5)
    roda (3.75.0)
      rack
    stringio (3.1.0)
    webrick (1.8.1)

PLATFORMS
  x86_64-darwin-21

DEPENDENCIES
  debug (~> 1.9)
  minitest (~> 5.20)
  puma (~> 6.4)
  rack-test (~> 2.1)
  rackup (~> 2.1)
  rake (~> 13.1)
  roda (~> 3.75)

BUNDLED WITH
   2.4.22
